Brain Vision Data Exchange Header File Version 1.0
; Data created by FieldTrip

[Common Infos]
DataFile=sub-S1_emg.eeg
MarkerFile=sub-S1_emg.vmrk
DataFormat=BINARY
DataOrientation=MULTIPLEXED
NumberOfChannels=14
SamplingInterval=500.000553

[Binary Infos]
BinaryFormat=IEEE_FLOAT_32

[Channel Infos]
Ch1=Rectus femoris (L),,1
Ch2=Rectus femoris (R),,1
Ch3=Biceps femoris (L),,1
Ch4=Biceps femoris (R),,1
Ch5=Gluteus medius (L),,1
Ch6=Gluteus medius (R),,1
Ch7=Gastroc medialis (L),,1
Ch8=Gastroc medialis (R),,1
Ch9=Tibialis anterior (L),,1
Ch10=Tibialis anterior (R),,1
Ch11=Peroneus longus (L),,1
Ch12=Peroneus longus (R),,1
Ch13=Soleus (L),,1
Ch14=Soleus (R),,1
